PATH
  remote: .
  specs:
    responder_bot (0.0.0)

GEM
  remote: https://rubygems.org/
  specs:
    rake (10.5.0)

PLATFORMS
  ruby

DEPENDENCIES
  bundler (~> 1.16)
  rake (~> 10.0)
  responder_bot!

BUNDLED WITH
   1.16.1
